GEM
  remote: https://rubygems.org/
  specs:
    addressable (2.3.6)
    chronic (0.10.2)
    crack (0.4.2)
      safe_yaml (~> 1.0.0)
    daemons (1.1.9)
    diff-lcs (1.2.5)
    faraday (0.9.0)
      multipart-post (>= 1.2, < 3)
    htmlentities (4.3.2)
    multi_json (1.10.1)
    multipart-post (2.0.0)
    redditkit (1.0.1)
      faraday (~> 0.8)
      htmlentities (~> 4.3)
      multi_json (~> 1.8)
    rspec (2.99.0)
      rspec-core (~> 2.99.0)
      rspec-expectations (~> 2.99.0)
      rspec-mocks (~> 2.99.0)
    rspec-core (2.99.2)
    rspec-expectations (2.99.2)
      diff-lcs (>= 1.1.3, < 2.0)
    rspec-mocks (2.99.2)
    safe_yaml (1.0.3)
    webmock (1.18.0)
      addressable (>= 2.3.6)
      crack (>= 0.3.2)
    whenever (0.9.4)
      chronic (>= 0.6.3)

PLATFORMS
  ruby

DEPENDENCIES
  daemons
  redditkit (~> 1.0.1)
  rspec
  webmock
  whenever
